GEM
  remote: https://rubygems.org/
  specs:
    cgi (0.2.0)
    coderay (1.1.3)
    erb (2.2.3)
      cgi
    method_source (1.0.0)
    pry (0.14.1)
      coderay (~> 1.1)
      method_source (~> 1.0)
    rqrcode_core (1.2.0)

PLATFORMS
  x86_64-darwin-20

DEPENDENCIES
  erb
  pry
  rqrcode_core

BUNDLED WITH
   2.2.23
